PATH
  remote: .
  specs:
    scrumdo (0.0.1)

GEM
  remote: https://rubygems.org/
  specs:
    diff-lcs (1.2.5)
    fakeweb (1.3.0)
    rspec (2.14.1)
      rspec-core (~> 2.14.0)
      rspec-expectations (~> 2.14.0)
      rspec-mocks (~> 2.14.0)
    rspec-core (2.14.7)
    rspec-expectations (2.14.5)
      diff-lcs (>= 1.1.3, < 2.0)
    rspec-mocks (2.14.5)
    timecop (0.7.1)

PLATFORMS
  ruby

DEPENDENCIES
  fakeweb (~> 1.3)
  rspec (~> 2.14)
  scrumdo!
  timecop (~> 0.7.1)
